GEM
  remote: https://rubygems.org/
  specs:
    numo-gnuplot (0.2.4)
    numo-narray (0.9.1.2)

PLATFORMS
  ruby

DEPENDENCIES
  numo-gnuplot
  numo-narray

BUNDLED WITH
   1.16.1
